GEM
  remote: http://rubygems.org/
  specs:
    addressable (2.3.8)
    ast (2.3.0)
    builder (3.2.2)
    childprocess (0.5.9)
      ffi (~> 1.0, >= 1.0.11)
    cucumber (2.4.0)
      builder (>= 2.1.2)
      cucumber-core (~> 1.5.0)
      cucumber-wire (~> 0.0.1)
      diff-lcs (>= 1.1.3)
      gherkin (~> 4.0)
      multi_json (>= 1.7.5, < 2.0)
      multi_test (>= 0.1.2)
    cucumber-core (1.5.0)
      gherkin (~> 4.0)
    cucumber-wire (0.0.1)
    diff-lcs (1.2.5)
    excon (0.54.0)
    ffi (1.9.14)
    fog (1.21.0)
      fog-brightbox
      fog-core (~> 1.21, >= 1.21.1)
      fog-json
      nokogiri (~> 1.5, >= 1.5.11)
    fog-brightbox (0.11.0)
      fog-core (~> 1.22)
      fog-json
      inflecto (~> 0.0.2)
    fog-core (1.43.0)
      builder
      excon (~> 0.49)
      formatador (~> 0.2)
    fog-json (1.0.2)
      fog-core (~> 1.0)
      multi_json (~> 1.10)
    formatador (0.2.5)
    gherkin (4.0.0)
    httparty (0.14.0)
      multi_xml (>= 0.5.2)
    inflecto (0.0.2)
    iso8601 (0.8.7)
    json (1.8.3)
    json-schema (2.6.2)
      addressable (~> 2.3.8)
    jsonpath (0.5.8)
      multi_json
    macaddr (1.6.7)
      systemu (~> 2.6.2)
    mini_portile (0.6.2)
    multi_json (1.12.1)
    multi_test (0.1.2)
    multi_xml (0.6.0)
    nokogiri (1.6.6.2)
      mini_portile (~> 0.6.0)
    parser (2.3.3.0)
      ast (~> 2.2)
    powerpack (0.0.9)
    rainbow (2.1.0)
    rake (10.4.2)
    rspec (2.14.1)
      rspec-core (~> 2.14.0)
      rspec-expectations (~> 2.14.0)
      rspec-mocks (~> 2.14.0)
    rspec-core (2.14.8)
    rspec-expectations (2.14.5)
      diff-lcs (>= 1.1.3, < 2.0)
    rspec-mocks (2.14.6)
    rubocop (0.18.1)
      json (>= 1.7.7, < 2)
      parser (~> 2.1.3)
      powerpack (~> 0.0.6)
      rainbow (>= 1.99.1, < 3.0)
    rubyzip (1.2.0)
    selenium-webdriver (2.41.0)
      childprocess (>= 0.5.0)
      multi_json (~> 1.0)
      rubyzip (~> 1.0)
      websocket (~> 1.0.4)
    strftime (1.0.0)
    systemu (2.6.5)
    websocket (1.0.7)

PLATFORMS
  ruby

DEPENDENCIES
  cucumber (= 2.4.0)
  fog (= 1.21.0)
  httparty
  iso8601 (= 0.8.7)
  json-schema (= 2.6.2)
  jsonpath
  macaddr (= 1.6.7)
  nokogiri (= 1.6.6.2)
  rake
  rspec (= 2.14.1)
  rubocop (= 0.18.1)
  selenium-webdriver (= 2.41.0)
  strftime (= 1.0.0)

BUNDLED WITH
   1.10.5
